GEM
  remote: https://rubygems.org/
  specs:
    addressable (2.3.8)
    clap (1.0.0)
    coderay (1.1.0)
    cuba (3.4.0)
      rack
    curb (0.8.8)
    cutest (1.2.2)
      clap
    dalli (2.7.4)
    dotenv (2.0.2)
    faraday (0.9.2)
      multipart-post (>= 1.2, < 3)
    faraday-http-cache (1.2.2)
      faraday (~> 0.8)
    foreman (0.78.0)
      thor (~> 0.19.1)
    haml (4.0.7)
      tilt
    method_source (0.8.2)
    multipart-post (2.0.0)
    octokit (4.1.1)
      sawyer (~> 0.6.0, >= 0.5.3)
    pry (0.10.3)
      coderay (~> 1.1.0)
      method_source (~> 0.8.1)
      slop (~> 3.4)
    rack (1.6.4)
    rack-test (0.6.3)
      rack (>= 1.0)
    rake (10.4.2)
    sawyer (0.6.0)
      addressable (~> 2.3.5)
      faraday (~> 0.8, < 0.10)
    shotgun (0.9.1)
      rack (>= 1.0)
    slop (3.6.0)
    thor (0.19.1)
    tilt (2.0.1)

PLATFORMS
  ruby

DEPENDENCIES
  cuba
  curb
  cutest
  dalli
  dotenv
  faraday-http-cache
  foreman
  haml
  octokit
  pry
  rack-test
  rake
  shotgun
